PATH
  remote: .
  specs:
    onvo (0.1.2)
      httparty (~> 0.13.7)
      minitest-hooks (~> 1.5.1)
      uri (~> 0.13.0)

GEM
  remote: http://rubygems.org/
  specs:
    httparty (0.13.7)
      json (~> 1.8)
      multi_xml (>= 0.5.2)
    json (1.8.6)
    minitest (5.22.2)
    minitest-hooks (1.5.1)
      minitest (> 5.3)
    multi_xml (0.6.0)
    uri (0.13.0)

PLATFORMS
  x86_64-darwin-21

DEPENDENCIES
  httparty (~> 0.13.7)
  minitest-hooks (~> 1.5.1)
  onvo!
  uri (~> 0.13.0)

BUNDLED WITH
   2.3.25
